PATH
  remote: ../MINT-core
  specs:
    MINT-core (1.0.1)

PATH
  remote: ../dm-redis-adapter
  specs:
    dm-redis-adapter (0.6.0)
      dm-core (>= 1.2.0)
      dm-types (>= 1.2.0)
      hiredis (~> 0.4.0)
      redis (~> 2.2)

PATH
  remote: ../em-hiredis
  specs:
    em-hiredis (0.1.0)
      hiredis (~> 0.4.0)

PATH
  remote: ../scxml
  specs:
    MINT-scxml (1.0.0)
      MINT-statemachine (~> 1.2.3)

PATH
  remote: ../statemachine
  specs:
    MINT-statemachine (1.2.3)

GEM
  remote: http://rubygems.org/
  specs:
    addressable (2.2.8)
    bcrypt-ruby (3.0.1)
    cassowary (1.0.1)
    dm-core (1.2.0)
      addressable (~> 2.2.6)
    dm-serializer (1.2.1)
      dm-core (~> 1.2.0)
      fastercsv (~> 1.5.4)
      json (~> 1.6.1)
      json_pure (~> 1.6.1)
      multi_json (~> 1.0.3)
    dm-types (1.2.1)
      bcrypt-ruby (~> 3.0.0)
      dm-core (~> 1.2.0)
      fastercsv (~> 1.5.4)
      json (~> 1.6.1)
      multi_json (~> 1.0.3)
      stringex (~> 1.3.0)
      uuidtools (~> 2.1.2)
    eventmachine (0.12.10)
    fastercsv (1.5.5)
    hiredis (0.4.5)
    json (1.6.7)
    json_pure (1.6.7)
    multi_json (1.0.4)
    redis (2.2.2)
    rmagick (2.12.2)
    rspec (1.3.1)
    stringex (1.3.3)
    uuidtools (2.1.3)

PLATFORMS
  ruby

DEPENDENCIES
  MINT-core!
  MINT-scxml!
  MINT-statemachine!
  cassowary (= 1.0.1)
  dm-core
  dm-redis-adapter!
  dm-serializer
  dm-types
  em-hiredis!
  eventmachine (= 0.12.10)
  redis
  rmagick (= 2.12.2)
  rspec (= 1.3.1)
