GIT
  remote: git://github.com/mloughran/em-hiredis.git
  revision: f8ba04ba0a6e21b1d3ee78deed83380dc28dda22
  branch: experimental
  specs:
    em-hiredis (0.1.0)
      hiredis (~> 0.4.0)

GEM
  remote: http://rubygems.org/
  specs:
    MINT-core (2.0.0)
    MINT-scxml (1.1.0)
      MINT-statemachine (~> 1.3.0)
    MINT-statemachine (1.3.0)
    activesupport (2.3.14)
    addressable (2.2.8)
    bcrypt-ruby (3.0.1)
    cassowary (1.0.1)
    dm-core (1.2.0)
      addressable (~> 2.2.6)
    dm-redis-adapter (0.8.0)
    dm-serializer (1.2.1)
      dm-core (~> 1.2.0)
      fastercsv (~> 1.5.4)
      json (~> 1.6.1)
      json_pure (~> 1.6.1)
      multi_json (~> 1.0.3)
    dm-types (1.2.1)
      bcrypt-ruby (~> 3.0.0)
      dm-core (~> 1.2.0)
      fastercsv (~> 1.5.4)
      json (~> 1.6.1)
      multi_json (~> 1.0.3)
      stringex (~> 1.3.0)
      uuidtools (~> 2.1.2)
    eventmachine (0.12.10)
    fastercsv (1.5.5)
    hiredis (0.4.5)
    json (1.6.7)
    json_pure (1.6.7)
    multi_json (1.0.4)
    oj (1.4.0)
    redis (2.2.2)
    rmagick (2.12.2)
    rspec (1.3.1)
    rubysdl (2.1.2)
    stringex (1.3.3)
    uuidtools (2.1.3)

PLATFORMS
  ruby

DEPENDENCIES
  MINT-core (~> 2.0.0)
  MINT-scxml (~> 1.1.0)
  MINT-statemachine (~> 1.3.0)
  activesupport
  cassowary (= 1.0.1)
  dm-core
  dm-redis-adapter (~> 0.8.0)
  dm-serializer
  dm-types
  em-hiredis!
  eventmachine (= 0.12.10)
  multi_json
  oj
  redis
  rmagick (= 2.12.2)
  rspec (= 1.3.1)
  rubysdl (= 2.1.2)
